GEM
  remote: https://rubygems.org/
  specs:
    exifr (1.3.6)

PLATFORMS
  ruby

DEPENDENCIES
  exifr

BUNDLED WITH
   1.17.2
